GEM
  remote: https://rubygems.org/
  specs:
    addressable (2.3.6)
    crack (0.4.2)
      safe_yaml (~> 1.0.0)
    faraday (0.9.0)
      multipart-post (>= 1.2, < 3)
    hash-deep-merge (0.1.1)
    json-generator (0.1.0)
      json-schema
    json-schema (2.2.2)
    json-schema-generator (0.0.9)
      jsonpath
    jsonpath (0.5.6)
      multi_json
    middleware (0.1.0)
    multi_json (1.10.1)
    multipart-post (2.0.0)
    pacto (0.3.1)
      addressable (~> 2.3)
      faraday (~> 0.9)
      hash-deep-merge (~> 0.1)
      json-generator (~> 0.0, >= 0.0.5)
      json-schema (~> 2.0)
      json-schema-generator (~> 0.0, >= 0.0.7)
      middleware (~> 0.1)
      multi_json (~> 1.8)
      term-ansicolor (~> 1.3)
      webmock (~> 1.17)
    rack (1.5.2)
    rack-protection (1.5.3)
      rack
    rake (10.3.2)
    safe_yaml (1.0.3)
    shotgun (0.9)
      rack (>= 1.0)
    sinatra (1.4.5)
      rack (~> 1.4)
      rack-protection (~> 1.4)
      tilt (~> 1.3, >= 1.3.4)
    term-ansicolor (1.3.0)
      tins (~> 1.0)
    tilt (1.4.1)
    tins (1.3.0)
    webmock (1.18.0)
      addressable (>= 2.3.6)
      crack (>= 0.3.2)

PLATFORMS
  ruby

DEPENDENCIES
  pacto
  rake
  shotgun
  sinatra
